PATH
  remote: .
  specs:
    ruby-igv (0.0.1)

GEM
  remote: https://rubygems.org/
  specs:
    rake (13.0.1)

PLATFORMS
  ruby

DEPENDENCIES
  bundler
  rake
  ruby-igv!

BUNDLED WITH
   2.1.4
